GEM
  remote: https://rubygems.org/
  specs:
    addressable (2.5.2)
      public_suffix (>= 2.0.2, < 4.0)
    adsf (1.4.1)
      rack (>= 1.0.0, < 3.0.0)
    coderay (1.1.3)
    colored (1.2)
    concurrent-ruby (1.1.4)
    cri (2.15.2)
      colored (~> 1.2)
    ddmemoize (1.0.0)
      ddmetrics (~> 1.0)
      ref (~> 2.0)
    ddmetrics (1.0.1)
    ddplugin (1.0.2)
    hamster (3.0.0)
      concurrent-ruby (~> 1.0)
    json_schema (0.19.1)
    method_source (1.0.0)
    mini_portile2 (2.4.0)
    nanoc (4.11.0)
      addressable (~> 2.5)
      cri (~> 2.15)
      ddmemoize (~> 1.0)
      ddmetrics (~> 1.0)
      ddplugin (~> 1.0)
      hamster (~> 3.0)
      json_schema (~> 0.19)
      parallel (~> 1.12)
      ref (~> 2.0)
      slow_enumerator_tools (~> 1.0)
      tomlrb (~> 1.2)
    nokogiri (1.10.10)
      mini_portile2 (~> 2.4.0)
    parallel (1.12.1)
    pry (0.13.1)
      coderay (~> 1.1)
      method_source (~> 1.0)
    public_suffix (3.0.3)
    rack (2.2.3)
    ref (2.0.0)
    slow_enumerator_tools (1.1.0)
    tomlrb (1.2.7)

PLATFORMS
  ruby

DEPENDENCIES
  adsf (~> 1.4)
  nanoc (~> 4.11)
  nokogiri (~> 1.10.10)
  pry

BUNDLED WITH
   2.1.4
